GEM
  remote: https://rubygems.org/
  specs:
    newrelic_rpm (3.6.5.130)
    rack (1.4.1)

PLATFORMS
  ruby
  x86-mingw32

DEPENDENCIES
  newrelic_rpm
  rack
